GEM
  remote: https://rubygems.org/
  specs:
    aws-sdk (2.3.6)
      aws-sdk-resources (= 2.3.6)
    aws-sdk-core (2.3.6)
      jmespath (~> 1.0)
    aws-sdk-resources (2.3.6)
      aws-sdk-core (= 2.3.6)
    jmespath (1.2.4)
      json_pure (>= 1.8.1)
    json_pure (1.8.3)
    rack (1.6.4)

PLATFORMS
  ruby

DEPENDENCIES
  aws-sdk (~> 2)
  rack

BUNDLED WITH
   1.11.2
